GIT
  remote: git://github.com/ActiveState/omniauth-ldap.git
  revision: 0b009302919375d1da52ba864350656a1fc8e96d
  specs:
    omniauth-ldap (1.0.4)
      net-ldap (~> 0.3.1)
      omniauth (~> 1.0)
      pyu-ruby-sasl (~> 0.0.3.1)
      rubyntlm (~> 0.1.1)

GIT
  remote: https://github.com/ActiveState/cf-message-bus.git
  revision: dbc2fc6e71b70980d6d4559b39ed9451449140eb
  specs:
    cf-message-bus (0.0.5)
      eventmachine (~> 1.0.0)
      nats (= 0.4.26)
      vcap-concurrency
      vcap-concurrency
      yajl-ruby

GIT
  remote: https://github.com/cloudfoundry/cf-uaa-lib.git
  revision: 8d34eede588c7620eb22031369f9515f602df68b
  ref: 8d34eede
  specs:
    cf-uaa-lib (1.3.7)
      multi_json

GIT
  remote: https://github.com/cloudfoundry/vcap-common.git
  revision: 41c927ee34491144924f11d1b13b12f38783431f
  tag: v2.2.0
  specs:
    vcap_common (2.2.0)
      addressable (~> 2.2)
      em-http-request (~> 1.0)
      eventmachine
      httpclient
      membrane (~> 0.0.2)
      mime-types
      multipart-post
      nats (~> 0.4.24)
      posix-spawn (~> 0.3.6)
      squash_ruby
      steno
      thin
      vmstat (~> 2.0)
      yajl-ruby

GEM
  remote: https://rubygems.org/
  specs:
    activemodel (3.2.17)
      activesupport (= 3.2.17)
      builder (~> 3.0.0)
    activerecord (3.2.17)
      activemodel (= 3.2.17)
      activesupport (= 3.2.17)
      arel (~> 3.0.2)
      tzinfo (~> 0.3.29)
    activesupport (3.2.17)
      i18n (~> 0.6, >= 0.6.4)
      multi_json (~> 1.0)
    addressable (2.3.5)
    arel (3.0.3)
    attr_required (0.0.5)
    axiom-types (0.0.5)
      descendants_tracker (~> 0.0.1)
      ice_nine (~> 0.9)
    bcrypt-ruby (3.0.1)
    builder (3.0.4)
    ci_reporter (1.9.1)
      builder (>= 2.1.2)
    coercible (1.0.0)
      descendants_tracker (~> 0.0.1)
    colored (1.2)
    cookiejar (0.3.0)
    crack (0.4.1)
      safe_yaml (~> 0.9.0)
    daemons (1.1.9)
    descendants_tracker (0.0.3)
    diff-lcs (1.2.5)
    docile (1.1.2)
    docopt (0.5.0)
    em-http-request (1.1.2)
      addressable (>= 2.3.4)
      cookiejar
      em-socksify (>= 0.3)
      eventmachine (>= 1.0.3)
      http_parser.rb (>= 0.6.0)
    em-socksify (0.3.0)
      eventmachine (>= 1.0.0.beta.4)
    equalizer (0.0.9)
    eventmachine (1.0.3)
    ffi (1.9.3)
    fluent-logger (0.4.7)
      msgpack (>= 0.4.4, < 0.6.0, != 0.5.3, != 0.5.2, != 0.5.1, != 0.5.0)
      yajl-ruby (~> 1.0)
    grape (0.6.1)
      activesupport
      builder
      hashie (>= 1.2.0)
      multi_json (>= 1.3.2)
      multi_xml (>= 0.5.2)
      rack (>= 1.3.0)
      rack-accept
      rack-mount
      virtus (>= 1.0.0)
    hashie (2.0.5)
    http_parser.rb (0.6.0)
    httpclient (2.3.4.1)
    i18n (0.6.9)
    ice_nine (0.11.0)
    ipaddress (0.8.0)
    json (1.8.1)
    json_pure (1.8.1)
    listen (1.0.3)
      rb-fsevent (>= 0.9.3)
      rb-inotify (>= 0.9)
      rb-kqueue (>= 0.2)
    membrane (0.0.2)
    mime-types (2.0)
    mini_portile (0.5.2)
    msgpack (0.5.8)
    multi_json (1.8.4)
    multi_xml (0.5.5)
    multipart-post (2.0.0)
    mustache (0.99.4)
    nats (0.4.26)
      daemons (>= 1.1.5)
      eventmachine (>= 0.12.10)
      json_pure (>= 1.7.3)
      thin (>= 1.4.1)
    net-ldap (0.3.1)
    nokogiri (1.6.1)
      mini_portile (~> 0.5.0)
    omniauth (1.1.4)
      hashie (>= 1.2, < 3)
      rack
    omniauth-google-apps (0.0.2)
      omniauth (~> 1.0)
      omniauth-openid (~> 1.0)
      ruby-openid-apps-discovery (~> 1.2.0)
    omniauth-identity (1.1.1)
      bcrypt-ruby (~> 3.0)
      omniauth (~> 1.0)
    omniauth-openid (1.0.1)
      omniauth (~> 1.0)
      rack-openid (~> 1.3.1)
    parallel (0.9.2)
    parallel_tests (0.16.8)
      parallel
    pg (0.14.1)
    posix-spawn (0.3.8)
    pyu-ruby-sasl (0.0.3.3)
    rack (1.5.2)
    rack-accept (0.4.5)
      rack (>= 0.4)
    rack-mount (0.8.3)
      rack (>= 1.0.0)
    rack-oauth2 (1.0.7)
      activesupport (>= 2.3)
      attr_required (>= 0.0.5)
      httpclient (>= 2.2.0.2)
      multi_json (>= 1.3.6)
      rack (>= 1.1)
    rack-openid (1.3.1)
      rack (>= 1.1.0)
      ruby-openid (>= 2.1.8)
    rack-protection (1.5.1)
      rack
    rack-test (0.6.2)
      rack (>= 1.0)
    rake (10.1.1)
    rb-fsevent (0.9.4)
    rb-inotify (0.9.3)
      ffi (>= 0.5.0)
    rb-kqueue (0.2.0)
      ffi (>= 0.5.0)
    redis (3.0.6)
    rerun (0.8.2)
      listen (~> 1.0.3)
    rspec (2.14.1)
      rspec-core (~> 2.14.0)
      rspec-expectations (~> 2.14.0)
      rspec-mocks (~> 2.14.0)
    rspec-core (2.14.7)
    rspec-expectations (2.14.4)
      diff-lcs (>= 1.1.3, < 2.0)
    rspec-mocks (2.14.4)
    ruby-openid (2.3.0)
    ruby-openid-apps-discovery (1.2.0)
      ruby-openid (>= 2.1.7)
    ruby-termios (0.9.6)
    rubyntlm (0.1.1)
    safe_yaml (0.9.7)
    scim-query-filter-parser (0.0.4)
    simplecov (0.8.2)
      docile (~> 1.1.0)
      multi_json
      simplecov-html (~> 0.8.0)
    simplecov-html (0.8.0)
    simplecov-rcov (0.2.3)
      simplecov (>= 0.4.1)
    sinatra (1.3.6)
      rack (~> 1.4)
      rack-protection (~> 1.3)
      tilt (~> 1.3, >= 1.3.3)
    sqlite3 (1.3.7)
    squash_ruby (1.4.0)
      json
    stackato-kato (3.0.0)
      colored (= 1.2)
      docopt (= 0.5.0)
      ipaddress (= 0.8.0)
      mustache (= 0.99.4)
      pg (= 0.14.1)
      redis (= 3.0.6)
      ruby-termios (= 0.9.6)
      sqlite3 (= 1.3.7)
      term-ansicolor (= 1.0.7)
      xmlparser (= 0.7.2.1)
      yajl-ruby (= 1.1.0)
    steno (1.2.2)
      fluent-logger
      grape
      yajl-ruby (~> 1.0)
    term-ansicolor (1.0.7)
    thin (1.6.1)
      daemons (>= 1.0.9)
      eventmachine (>= 1.0.0)
      rack (>= 1.0.0)
    tilt (1.4.1)
    tzinfo (0.3.38)
    vcap-concurrency (0.1.0)
    virtus (1.0.1)
      axiom-types (~> 0.0.5)
      coercible (~> 1.0)
      descendants_tracker (~> 0.0.1)
      equalizer (~> 0.0.7)
    vmstat (2.1.0)
    webmock (1.17.1)
      addressable (>= 2.2.7)
      crack (>= 0.3.2)
    xmlparser (0.7.2.1)
    yajl-ruby (1.1.0)
    zxcvbn-ruby (0.0.2)

PLATFORMS
  ruby

DEPENDENCIES
  activemodel (= 3.2.17)
  activerecord (= 3.2.17)
  activesupport (= 3.2.17)
  addressable (= 2.3.5)
  arel (= 3.0.3)
  attr_required (= 0.0.5)
  axiom-types (= 0.0.5)
  bcrypt-ruby (= 3.0.1)
  builder (= 3.0.4)
  cf-message-bus (= 0.0.5)!
  cf-uaa-lib (= 1.3.7)!
  ci_reporter
  coercible (= 1.0.0)
  colored (= 1.2)
  cookiejar (= 0.3.0)
  daemons (= 1.1.9)
  descendants_tracker (= 0.0.3)
  diff-lcs (= 1.2.5)
  docopt (= 0.5.0)
  em-http-request (= 1.1.2)
  em-socksify (= 0.3.0)
  equalizer (= 0.0.9)
  eventmachine (= 1.0.3)
  ffi (= 1.9.3)
  fluent-logger (= 0.4.7)
  grape (= 0.6.1)
  hashie (= 2.0.5)
  http_parser.rb (= 0.6.0)
  httpclient (= 2.3.4.1)
  i18n (= 0.6.9)
  ice_nine (= 0.11.0)
  ipaddress (= 0.8.0)
  json (= 1.8.1)
  json_pure (= 1.8.1)
  listen (= 1.0.3)
  membrane (= 0.0.2)
  mime-types (= 2.0)
  mini_portile (= 0.5.2)
  msgpack (= 0.5.8)
  multi_json (= 1.8.4)
  multi_xml (= 0.5.5)
  multipart-post (= 2.0.0)
  mustache (= 0.99.4)
  nats (= 0.4.26)
  net-ldap (= 0.3.1)
  nokogiri (= 1.6.1)
  omniauth (= 1.1.4)
  omniauth-google-apps (= 0.0.2)
  omniauth-identity (= 1.1.1)
  omniauth-ldap (= 1.0.4)!
  omniauth-openid (= 1.0.1)
  parallel_tests
  pg (= 0.14.1)
  posix-spawn (= 0.3.8)
  pyu-ruby-sasl (= 0.0.3.3)
  rack (= 1.5.2)
  rack-accept (= 0.4.5)
  rack-mount (= 0.8.3)
  rack-oauth2 (= 1.0.7)
  rack-openid (= 1.3.1)
  rack-protection (= 1.5.1)
  rack-test (= 0.6.2)
  rake (= 10.1.1)
  rb-fsevent (= 0.9.4)
  rb-inotify (= 0.9.3)
  rb-kqueue (= 0.2.0)
  redis (= 3.0.6)
  rerun (= 0.8.2)
  rspec (= 2.14.1)
  rspec-core (= 2.14.7)
  rspec-expectations (= 2.14.4)
  rspec-mocks (= 2.14.4)
  ruby-openid (= 2.3.0)
  ruby-openid-apps-discovery (= 1.2.0)
  ruby-termios (= 0.9.6)
  rubyntlm (= 0.1.1)
  scim-query-filter-parser (= 0.0.4)
  simplecov
  simplecov-rcov
  sinatra (= 1.3.6)
  sqlite3 (= 1.3.7)
  squash_ruby (= 1.4.0)
  stackato-kato (= 3.0.0)
  steno (= 1.2.2)
  term-ansicolor (= 1.0.7)
  thin (= 1.6.1)
  tilt (= 1.4.1)
  tzinfo (= 0.3.38)
  vcap-concurrency (= 0.1.0)
  vcap_common (= 2.2.0)!
  virtus (= 1.0.1)
  vmstat (= 2.1.0)
  webmock
  xmlparser (= 0.7.2.1)
  yajl-ruby (= 1.1.0)
  zxcvbn-ruby (= 0.0.2)
